GEM
  remote: http://rubygems.org/
  specs:
    activemodel (3.2.14)
      activesupport (= 3.2.14)
      builder (~> 3.0.0)
    activesupport (3.2.14)
      i18n (~> 0.6, >= 0.6.4)
      multi_json (~> 1.0)
    bson (1.5.2)
    bson_ext (1.5.2)
      bson (= 1.5.2)
    builder (3.0.4)
    erubis (2.7.0)
    i18n (0.6.5)
    mongo (1.5.2)
      bson (= 1.5.2)
    mongoid (3.1.5)
      activemodel (~> 3.2)
      moped (~> 1.4)
      origin (~> 1.0)
      tzinfo (~> 0.3.29)
    moped (1.5.1)
    multi_json (1.8.0)
    origin (1.1.0)
    rack (1.5.2)
    tzinfo (0.3.37)

PLATFORMS
  ruby

DEPENDENCIES
  bson (~> 1.5.0.rc0)
  bson_ext (~> 1.5.0.rc0)
  erubis
  mongo (~> 1.5.0.rc0)
  mongoid
  rack
